GIT
  remote: https://github.com/sinatra/sinatra.git
  revision: e19cad1cb15ba09c66757c93ccd7de358e2a11b8
  specs:
    rack-protection (3.0.5)
      rack
    sinatra (3.0.5)
      mustermann (~> 3.0)
      rack (~> 2.2, >= 2.2.4)
      rack-protection (= 3.0.5)
      tilt (~> 2.0)

GEM
  remote: https://rubygems.org/
  specs:
    concurrent-ruby (1.2.0)
    connection_pool (2.3.0)
    foreman (0.87.2)
    mustermann (3.0.0)
      ruby2_keywords (~> 0.0.1)
    nio4r (2.5.8)
    puma (6.1.0)
      nio4r (~> 2.0)
    rack (2.2.6.2)
    rake (13.0.6)
    redis-client (0.12.1)
      connection_pool
    ruby2_keywords (0.0.5)
    sidekiq (7.0.4)
      concurrent-ruby (< 2)
      connection_pool (>= 2.3.0)
      rack (>= 2.2.4)
      redis-client (>= 0.11.0)
    tilt (2.0.11)

PLATFORMS
  x86_64-darwin-22
  x86_64-linux

DEPENDENCIES
  foreman
  puma (~> 6.1)
  rake
  sidekiq
  sinatra!

RUBY VERSION
   ruby 3.1.3p185

BUNDLED WITH
   2.4.6
